GEM
  remote: https://rubygems.org/
  specs:
    redcarpet (3.1.1)
    rugged (0.19.0)

PLATFORMS
  ruby

DEPENDENCIES
  redcarpet
  rugged
